PATH
  remote: .
  specs:
    factory_girl (4.8.0)
      activesupport (>= 3.0.0)

GEM
  remote: https://rubygems.org/
  specs:
    activemodel (5.0.0.1)
      activesupport (= 5.0.0.1)
    activerecord (5.0.0.1)
      activemodel (= 5.0.0.1)
      activesupport (= 5.0.0.1)
      arel (~> 7.0)
    activerecord-jdbc-adapter (1.3.21)
      activerecord (>= 2.2)
    activerecord-jdbcsqlite3-adapter (1.3.21)
      activerecord-jdbc-adapter (~> 1.3.21)
      jdbc-sqlite3 (>= 3.7.2, < 3.9)
    activesupport (5.0.0.1)
      concurrent-ruby (~> 1.0, >= 1.0.2)
      i18n (~> 0.7)
      minitest (~> 5.1)
      tzinfo (~> 1.1)
    appraisal (2.1.0)
      bundler
      rake
      thor (>= 0.14.0)
    arel (7.1.4)
    aruba (0.13.0)
      childprocess (~> 0.5.6)
      contracts (~> 0.9)
      cucumber (>= 1.3.19)
      ffi (~> 1.9.10)
      rspec-expectations (>= 2.99)
      thor (~> 0.19)
    builder (3.2.2)
    childprocess (0.5.9)
      ffi (~> 1.0, >= 1.0.11)
    concurrent-ruby (1.0.5)
    concurrent-ruby (1.0.5-java)
    contracts (0.13.0)
    cucumber (1.3.20)
      builder (>= 2.1.2)
      diff-lcs (>= 1.1.3)
      gherkin (~> 2.12)
      multi_json (>= 1.7.5, < 2.0)
      multi_test (>= 0.1.2)
    diff-lcs (1.2.5)
    docile (1.1.5)
    ffi (1.9.10)
    ffi (1.9.10-java)
    gherkin (2.12.2)
      multi_json (~> 1.3)
    gherkin (2.12.2-java)
      multi_json (~> 1.3)
    i18n (0.7.0)
    jdbc-sqlite3 (3.8.11.2)
    json (2.1.0)
    json (2.1.0-java)
    minitest (5.9.1)
    multi_json (1.11.2)
    multi_test (0.1.2)
    rake (10.5.0)
    rspec (3.4.0)
      rspec-core (~> 3.4.0)
      rspec-expectations (~> 3.4.0)
      rspec-mocks (~> 3.4.0)
    rspec-core (3.4.2)
      rspec-support (~> 3.4.0)
    rspec-expectations (3.4.0)
      diff-lcs (>= 1.2.0, < 2.0)
      rspec-support (~> 3.4.0)
    rspec-its (1.2.0)
      rspec-core (>= 3.0.0)
      rspec-expectations (>= 3.0.0)
    rspec-mocks (3.4.1)
      diff-lcs (>= 1.2.0, < 2.0)
      rspec-support (~> 3.4.0)
    rspec-support (3.4.1)
    simplecov (0.14.1)
      docile (~> 1.1.0)
      json (>= 1.8, < 3)
      simplecov-html (~> 0.10.0)
    simplecov-html (0.10.1)
    sqlite3 (1.3.12)
    thor (0.19.1)
    thread_safe (0.3.5)
    thread_safe (0.3.5-java)
    timecop (0.8.0)
    tzinfo (1.2.2)
      thread_safe (~> 0.1)
    yard (0.8.7.6)

PLATFORMS
  java
  ruby

DEPENDENCIES
  activerecord (>= 3.0.0)
  activerecord-jdbcsqlite3-adapter
  appraisal (~> 2.1.0)
  aruba
  cucumber (~> 1.3.15)
  factory_girl!
  jdbc-sqlite3
  rspec (~> 3.0)
  rspec-its (~> 1.0)
  simplecov
  sqlite3 (~> 1.3.10)
  timecop
  yard

BUNDLED WITH
   1.15.1
