PATH
  remote: .
  specs:
    factory_girl (4.2.0)
      activesupport (>= 3.0.0)

GEM
  remote: http://rubygems.org/
  specs:
    activemodel (3.2.3)
      activesupport (= 3.2.3)
      builder (~> 3.0.0)
    activerecord (3.2.3)
      activemodel (= 3.2.3)
      activesupport (= 3.2.3)
      arel (~> 3.0.2)
      tzinfo (~> 0.3.29)
    activesupport (3.2.3)
      i18n (~> 0.6)
      multi_json (~> 1.0)
    appraisal (0.5.1)
      bundler
      rake
    arel (3.0.2)
    aruba (0.4.11)
      childprocess (>= 0.2.3)
      cucumber (>= 1.1.1)
      ffi (>= 1.0.11)
      rspec (>= 2.7.0)
    bourne (1.3.0)
      mocha (= 0.13.0)
    builder (3.0.4)
    childprocess (0.3.2)
      ffi (~> 1.0.6)
    cucumber (1.2.1)
      builder (>= 2.1.2)
      diff-lcs (>= 1.1.3)
      gherkin (~> 2.11.0)
      json (>= 1.4.6)
    diff-lcs (1.1.3)
    ffi (1.0.11)
    ffi (1.0.11-java)
    gherkin (2.11.5)
      json (>= 1.4.6)
    gherkin (2.11.5-java)
      json (>= 1.4.6)
    i18n (0.6.1)
    json (1.7.5)
    json (1.7.5-java)
    metaclass (0.0.1)
    mocha (0.13.0)
      metaclass (~> 0.0.1)
    multi_json (1.5.0)
    rake (0.9.2.2)
    rspec (2.12.0)
      rspec-core (~> 2.12.0)
      rspec-expectations (~> 2.12.0)
      rspec-mocks (~> 2.12.0)
    rspec-core (2.12.2)
    rspec-expectations (2.12.1)
      diff-lcs (~> 1.1.3)
    rspec-mocks (2.12.1)
    simplecov (0.6.2)
      multi_json (~> 1.3)
      simplecov-html (~> 0.5.3)
    simplecov-html (0.5.3)
    sqlite3 (1.3.7)
    timecop (0.3.5)
    tzinfo (0.3.33)
    yard (0.8.1)

PLATFORMS
  java
  ruby

DEPENDENCIES
  activerecord
  appraisal (~> 0.5.1)
  aruba
  bourne
  cucumber (~> 1.2.1)
  factory_girl!
  mocha (>= 0.12.8)
  rspec (~> 2.12.0)
  simplecov
  sqlite3
  timecop
  yard
