PATH
  remote: .
  specs:
    factory_girl (3.3.0)
      activesupport (>= 3.0.0)
      nokogiri

GEM
  remote: http://rubygems.org/
  specs:
    activemodel (3.2.3)
      activesupport (= 3.2.3)
      builder (~> 3.0.0)
    activerecord (3.2.3)
      activemodel (= 3.2.3)
      activesupport (= 3.2.3)
      arel (~> 3.0.2)
      tzinfo (~> 0.3.29)
    activesupport (3.2.3)
      i18n (~> 0.6)
      multi_json (~> 1.0)
    appraisal (0.4.1)
      bundler
      rake
    arel (3.0.2)
    aruba (0.4.11)
      childprocess (>= 0.2.3)
      cucumber (>= 1.1.1)
      ffi (>= 1.0.11)
      rspec (>= 2.7.0)
    bluecloth (2.2.0)
    bourne (1.1.2)
      mocha (= 0.10.5)
    builder (3.0.0)
    childprocess (0.3.2)
      ffi (~> 1.0.6)
    cucumber (1.1.9)
      builder (>= 2.1.2)
      diff-lcs (>= 1.1.2)
      gherkin (~> 2.9.0)
      json (>= 1.4.6)
      term-ansicolor (>= 1.0.6)
    diff-lcs (1.1.3)
    ffi (1.0.11)
    gherkin (2.9.3)
      json (>= 1.4.6)
    i18n (0.6.0)
    json (1.7.0)
    metaclass (0.0.1)
    mocha (0.10.5)
      metaclass (~> 0.0.1)
    multi_json (1.3.4)
    nokogiri (1.5.0)
    rake (0.9.2.2)
    rspec (2.9.0)
      rspec-core (~> 2.9.0)
      rspec-expectations (~> 2.9.0)
      rspec-mocks (~> 2.9.0)
    rspec-core (2.9.0)
    rspec-expectations (2.9.1)
      diff-lcs (~> 1.1.3)
    rspec-mocks (2.9.0)
    simplecov (0.6.2)
      multi_json (~> 1.3)
      simplecov-html (~> 0.5.3)
    simplecov-html (0.5.3)
    sqlite3 (1.3.6)
    sqlite3-ruby (1.3.3)
      sqlite3 (>= 1.3.3)
    term-ansicolor (1.0.7)
    timecop (0.3.5)
    tzinfo (0.3.33)
    yard (0.8.1)

PLATFORMS
  ruby

DEPENDENCIES
  activerecord
  appraisal (~> 0.4)
  aruba
  bluecloth
  bourne
  cucumber (~> 1.1)
  factory_girl!
  mocha
  rspec (~> 2.0)
  simplecov
  sqlite3-ruby
  timecop
  yard
